GEM
  remote: https://rubygems.org/
  specs:
    activesupport (4.2.1)
      i18n (~> 0.7)
      json (~> 1.7, >= 1.7.7)
      minitest (~> 5.1)
      thread_safe (~> 0.3, >= 0.3.4)
      tzinfo (~> 1.1)
    ansi (1.5.0)
    hashie (3.4.1)
    i18n (0.7.0)
    itamae (1.2.16)
      ansi
      hashie
      schash (~> 0.1.0)
      specinfra (>= 2.31.0, < 3.0.0)
      thor
    itamae-plugin-recipe-idcf-backup_to_object_storage (0.1.0)
      itamae
    itamae-plugin-recipe-nownabe_centos7_base (0.0.8)
      activesupport
      itamae (>= 1.1.20)
      itamae-plugin-resource-ssh_key
      unix-crypt
    itamae-plugin-resource-ssh_key (0.0.1)
      itamae
    json (1.8.2)
    minitest (5.6.1)
    net-scp (1.2.1)
      net-ssh (>= 2.6.5)
    net-ssh (2.9.2)
    schash (0.1.1)
    specinfra (2.33.1)
      net-scp
      net-ssh
    thor (0.19.1)
    thread_safe (0.3.5)
    tzinfo (1.2.2)
      thread_safe (~> 0.1)
    unix-crypt (1.3.0)

PLATFORMS
  ruby

DEPENDENCIES
  itamae
  itamae-plugin-recipe-idcf-backup_to_object_storage
  itamae-plugin-recipe-nownabe_centos7_base
